GEM
  remote: https://rubygems.org/
  specs:
    addressable (2.6.0)
      public_suffix (>= 2.0.2, < 4.0)
    down (4.8.0)
      addressable (~> 2.5)
    mini_portile2 (2.4.0)
    nokogiri (1.10.2)
      mini_portile2 (~> 2.4.0)
    public_suffix (3.0.3)

PLATFORMS
  ruby

DEPENDENCIES
  down (~> 4.4)
  nokogiri

BUNDLED WITH
   2.0.1
